GIT
  remote: https://github.com/dgynn/tuttle.git
  revision: 6e150bf07b13f8833b55ac7028e805397fb60f87
  branch: develop
  specs:
    tuttle (0.1.0)
      rails (>= 5.2.0)

GEM
  remote: https://rubygems.org/
  specs:
    CFPropertyList (2.3.6)
    actioncable (6.0.3.7)
      actionpack (= 6.0.3.7)
      nio4r (~> 2.0)
      websocket-driver (>= 0.6.1)
    actionmailbox (6.0.3.7)
      actionpack (= 6.0.3.7)
      activejob (= 6.0.3.7)
      activerecord (= 6.0.3.7)
      activestorage (= 6.0.3.7)
      activesupport (= 6.0.3.7)
      mail (>= 2.7.1)
    actionmailer (6.0.3.7)
      actionpack (= 6.0.3.7)
      actionview (= 6.0.3.7)
      activejob (= 6.0.3.7)
      mail (~> 2.5, >= 2.5.4)
      rails-dom-testing (~> 2.0)
    actionpack (6.0.3.7)
      actionview (= 6.0.3.7)
      activesupport (= 6.0.3.7)
      rack (~> 2.0, >= 2.0.8)
      rack-test (>= 0.6.3)
      rails-dom-testing (~> 2.0)
      rails-html-sanitizer (~> 1.0, >= 1.2.0)
    actiontext (6.0.3.7)
      actionpack (= 6.0.3.7)
      activerecord (= 6.0.3.7)
      activestorage (= 6.0.3.7)
      activesupport (= 6.0.3.7)
      nokogiri (>= 1.8.5)
    actionview (6.0.3.7)
      activesupport (= 6.0.3.7)
      builder (~> 3.1)
      erubi (~> 1.4)
      rails-dom-testing (~> 2.0)
      rails-html-sanitizer (~> 1.1, >= 1.2.0)
    active_model_serializers (0.10.12)
      actionpack (>= 4.1, < 6.2)
      activemodel (>= 4.1, < 6.2)
      case_transform (>= 0.2)
      jsonapi-renderer (>= 0.1.1.beta1, < 0.3)
    activejob (6.0.3.7)
      activesupport (= 6.0.3.7)
      globalid (>= 0.3.6)
    activemodel (6.0.3.7)
      activesupport (= 6.0.3.7)
    activerecord (6.0.3.7)
      activemodel (= 6.0.3.7)
      activesupport (= 6.0.3.7)
    activestorage (6.0.3.7)
      actionpack (= 6.0.3.7)
      activejob (= 6.0.3.7)
      activerecord (= 6.0.3.7)
      marcel (~> 1.0.0)
    activesupport (6.0.3.7)
      concurrent-ruby (~> 1.0, >= 1.0.2)
      i18n (>= 0.7, < 2)
      minitest (~> 5.1)
      tzinfo (~> 1.1)
      zeitwerk (~> 2.2, >= 2.2.2)
    bcrypt (3.1.16)
    benchmark-ips (2.9.1)
    better_errors (2.9.1)
      coderay (>= 1.0.0)
      erubi (>= 1.0.0)
      rack (>= 0.9.0)
    binding_of_caller (1.0.0)
      debug_inspector (>= 0.0.1)
    builder (3.2.4)
    busted (0.2.3)
    byebug (11.1.3)
    cancancan (3.2.2)
    case_transform (0.2)
      activesupport
    coderay (1.1.3)
    coffee-rails (5.0.0)
      coffee-script (>= 2.2.0)
      railties (>= 5.2.0)
    coffee-script (2.4.1)
      coffee-script-source
      execjs
    coffee-script-source (1.12.2)
    concurrent-ruby (1.1.8)
    connection_pool (2.2.5)
    crass (1.0.6)
    daemons (1.4.0)
    dalli (2.7.11)
    debug_inspector (1.1.0)
    devise (4.8.0)
      bcrypt (~> 3.0)
      orm_adapter (~> 0.1)
      railties (>= 4.1.0)
      responders
      warden (~> 1.2.3)
    domain_name (0.5.20190701)
      unf (>= 0.0.5, < 1.0.0)
    eco (1.0.0)
      coffee-script
      eco-source
      execjs
    eco-source (1.1.0.rc.1)
    erubi (1.10.0)
    eventmachine (1.2.7)
    execjs (2.8.1)
    facter (2.5.7)
    facter (2.5.7-universal-darwin)
      CFPropertyList (~> 2.2)
    fast_blank (1.0.0)
    fast_stack (0.2.0)
    ffi (1.15.1)
    flamegraph (0.9.5)
    get_process_mem (0.2.7)
      ffi (~> 1.0)
    gettext (3.3.7)
      locale (>= 2.0.5)
      text (>= 1.3.0)
    globalid (0.4.2)
      activesupport (>= 4.2.0)
    haml (5.2.1)
      temple (>= 0.8.0)
      tilt
    http-accept (1.7.0)
    http-cookie (1.0.3)
      domain_name (~> 0.5)
    httpclient (2.8.3)
    i18n (1.8.10)
      concurrent-ruby (~> 1.0)
    jquery-rails (4.4.0)
      rails-dom-testing (>= 1, < 3)
      railties (>= 4.2.0)
      thor (>= 0.14, < 2.0)
    jsonapi-renderer (0.2.2)
    listen (3.5.1)
      rb-fsevent (~> 0.10, >= 0.10.3)
      rb-inotify (~> 0.9, >= 0.9.10)
    locale (2.1.3)
    loofah (2.9.1)
      crass (~> 1.0.2)
      nokogiri (>= 1.5.9)
    mail (2.7.1)
      mini_mime (>= 0.1.1)
    marcel (1.0.1)
    memcachier (0.0.2)
    memory_profiler (1.0.0)
    method_source (1.0.0)
    mime-types (3.3.1)
      mime-types-data (~> 3.2015)
    mime-types-data (3.2021.0225)
    mini_mime (1.1.0)
    minitest (5.14.4)
    multi_json (1.15.0)
    netrc (0.11.0)
    nio4r (2.5.7)
    nokogiri (1.11.6-x86_64-darwin)
      racc (~> 1.4)
    nokogiri (1.11.6-x86_64-linux)
      racc (~> 1.4)
    orm_adapter (0.5.0)
    pg (0.21.0)
    pry (0.13.1)
      coderay (~> 1.1)
      method_source (~> 1.0)
    pry-byebug (3.9.0)
      byebug (~> 11.0)
      pry (~> 0.13.0)
    pry-rails (0.3.9)
      pry (>= 0.10.4)
    racc (1.5.2)
    rack (2.2.3)
    rack-mini-profiler (2.3.2)
      rack (>= 1.2.0)
    rack-test (1.1.0)
      rack (>= 1.0, < 3)
    rails (6.0.3.7)
      actioncable (= 6.0.3.7)
      actionmailbox (= 6.0.3.7)
      actionmailer (= 6.0.3.7)
      actionpack (= 6.0.3.7)
      actiontext (= 6.0.3.7)
      actionview (= 6.0.3.7)
      activejob (= 6.0.3.7)
      activemodel (= 6.0.3.7)
      activerecord (= 6.0.3.7)
      activestorage (= 6.0.3.7)
      activesupport (= 6.0.3.7)
      bundler (>= 1.3.0)
      railties (= 6.0.3.7)
      sprockets-rails (>= 2.0.0)
    rails-dom-testing (2.0.3)
      activesupport (>= 4.2.0)
      nokogiri (>= 1.6)
    rails-html-sanitizer (1.3.0)
      loofah (~> 2.3)
    rails_12factor (0.0.3)
      rails_serve_static_assets
      rails_stdout_logging
    rails_serve_static_assets (0.0.5)
    rails_stdout_logging (0.0.5)
    railties (6.0.3.7)
      actionpack (= 6.0.3.7)
      activesupport (= 6.0.3.7)
      method_source
      rake (>= 0.8.7)
      thor (>= 0.20.3, < 2.0)
    rake (13.0.3)
    rb-fsevent (0.11.0)
    rb-inotify (0.10.1)
      ffi (~> 1.0)
    responders (3.0.1)
      actionpack (>= 5.0)
      railties (>= 5.0)
    rest-client (2.1.0)
      http-accept (>= 1.7.0, < 2.0)
      http-cookie (>= 1.0.2, < 2.0)
      mime-types (>= 1.16, < 4.0)
      netrc (~> 0.8)
    ruby-prof (1.4.3)
    sass-rails (6.0.0)
      sassc-rails (~> 2.1, >= 2.1.1)
    sassc (2.4.0)
      ffi (~> 1.9)
    sassc-rails (2.1.2)
      railties (>= 4.0.0)
      sassc (>= 2.0)
      sprockets (> 3.0)
      sprockets-rails
      tilt
    skylight (5.1.1)
      activesupport (>= 5.2.0)
    sprockets (4.0.2)
      concurrent-ruby (~> 1.0)
      rack (> 1, < 3)
    sprockets-rails (3.2.2)
      actionpack (>= 4.0)
      activesupport (>= 4.0)
      sprockets (>= 3.0.0)
    stackprof (0.2.17)
    temple (0.8.2)
    text (1.3.1)
    thin (1.8.1)
      daemons (~> 1.0, >= 1.0.9)
      eventmachine (~> 1.0, >= 1.0.4)
      rack (>= 1, < 3)
    thor (1.1.0)
    thread_safe (0.3.6)
    tilt (2.0.10)
    translation (1.23)
      gettext (~> 3.2, >= 3.2.5)
    tzinfo (1.2.9)
      thread_safe (~> 0.1)
    uglifier (4.2.0)
      execjs (>= 0.3.0, < 3)
    unf (0.1.4)
      unf_ext
    unf_ext (0.0.7.7)
    warden (1.2.9)
      rack (>= 2.0.9)
    websocket-driver (0.7.4)
      websocket-extensions (>= 0.1.0)
    websocket-extensions (0.1.5)
    yajl-ruby (1.4.1)
    zeitwerk (2.4.2)

PLATFORMS
  x86_64-darwin-20
  x86_64-linux

DEPENDENCIES
  active_model_serializers
  benchmark-ips
  better_errors
  binding_of_caller
  busted
  cancancan
  coffee-rails
  connection_pool
  dalli
  devise
  eco
  facter
  fast_blank
  fast_stack
  flamegraph
  get_process_mem
  haml
  httpclient
  jquery-rails
  listen
  memcachier
  memory_profiler
  multi_json
  pg (~> 0.18)
  pry-byebug
  pry-rails
  rack-mini-profiler
  rails (~> 6.0.3.7)
  rails_12factor
  rails_serve_static_assets
  rest-client
  ruby-prof
  sass-rails
  skylight
  stackprof
  thin
  translation
  tuttle!
  uglifier
  yajl-ruby

BUNDLED WITH
   2.2.15
